GEM
  remote: http://rubygems.org/
  specs:
    hpricot (0.8.6)
    thoughtbot-shoulda (2.11.1)

PLATFORMS
  ruby

DEPENDENCIES
  hpricot (>= 0.8)
  thoughtbot-shoulda
